GEM
  remote: https://rubygems.org/
  specs:
    aws-distro-opentelemetry-exporter-xray-udp (0.1.0)
      base64 (~> 0.2.0)
      opentelemetry-api (~> 1.1)
      opentelemetry-exporter-otlp (~> 0.26.1)
      opentelemetry-sdk (~> 1.2)
    base64 (0.2.0)
    google-protobuf (3.25.7)
    google-protobuf (3.25.7-aarch64-linux)
    google-protobuf (3.25.7-arm64-darwin)
    google-protobuf (3.25.7-x86-linux)
    google-protobuf (3.25.7-x86_64-darwin)
    google-protobuf (3.25.7-x86_64-linux)
    googleapis-common-protos-types (1.20.0)
      google-protobuf (>= 3.18, < 5.a)
    opentelemetry-api (1.5.0)
    opentelemetry-common (0.22.0)
      opentelemetry-api (~> 1.0)
    opentelemetry-exporter-otlp (0.26.3)
      google-protobuf (~> 3.14)
      googleapis-common-protos-types (~> 1.3)
      opentelemetry-api (~> 1.1)
      opentelemetry-common (~> 0.20)
      opentelemetry-sdk (~> 1.2)
      opentelemetry-semantic_conventions
    opentelemetry-instrumentation-aws_lambda (0.3.0)
      opentelemetry-api (~> 1.0)
      opentelemetry-instrumentation-base (~> 0.23.0)
    opentelemetry-instrumentation-base (0.23.0)
      opentelemetry-api (~> 1.0)
      opentelemetry-common (~> 0.21)
      opentelemetry-registry (~> 0.1)
    opentelemetry-propagator-xray (0.23.0)
      opentelemetry-api (~> 1.0)
    opentelemetry-registry (0.4.0)
      opentelemetry-api (~> 1.1)
    opentelemetry-sdk (1.8.0)
      opentelemetry-api (~> 1.1)
      opentelemetry-common (~> 0.20)
      opentelemetry-registry (~> 0.2)
      opentelemetry-semantic_conventions
    opentelemetry-semantic_conventions (1.11.0)
      opentelemetry-api (~> 1.0)

PLATFORMS
  aarch64-linux
  arm64-darwin
  ruby
  x86-linux
  x86_64-darwin
  x86_64-linux

DEPENDENCIES
  aws-distro-opentelemetry-exporter-xray-udp
  opentelemetry-exporter-otlp
  opentelemetry-instrumentation-aws_lambda
  opentelemetry-propagator-xray
  opentelemetry-sdk

BUNDLED WITH
   2.6.5
